GEM
  remote: https://rubygems.org/
  specs:
    json (2.1.0)
    mustermann (1.0.0)
    mysql2 (0.4.6)
    mysql2 (0.4.6-x64-mingw32)
    power_assert (1.0.2)
    rack (2.0.3)
    rack-protection (2.0.0)
      rack
    rack-test (0.6.3)
      rack (>= 1.0)
    rake (12.0.0)
    sinatra (2.0.0)
      mustermann (~> 1.0)
      rack (~> 2.0)
      rack-protection (= 2.0.0)
      tilt (~> 2.0)
    sinatra-subdomain (0.3.0)
      sinatra
    test-unit (3.2.5)
      power_assert
    tilt (2.0.7)

PLATFORMS
  ruby
  x64-mingw32

DEPENDENCIES
  json
  mysql2
  rack-test
  rake
  sinatra
  sinatra-subdomain
  test-unit

BUNDLED WITH
   1.15.1
